PATH
  remote: .
  specs:
    bmffglitch (0.0.3)
      bmff (~> 0.1.2)

GEM
  remote: https://rubygems.org/
  specs:
    bmff (0.1.2)
      uuidtools
    diff-lcs (1.3)
    rake (13.0.3)
    rspec (3.8.0)
      rspec-core (~> 3.8.0)
      rspec-expectations (~> 3.8.0)
      rspec-mocks (~> 3.8.0)
    rspec-core (3.8.0)
      rspec-support (~> 3.8.0)
    rspec-expectations (3.8.2)
      diff-lcs (>= 1.2.0, < 2.0)
      rspec-support (~> 3.8.0)
    rspec-mocks (3.8.0)
      diff-lcs (>= 1.2.0, < 2.0)
      rspec-support (~> 3.8.0)
    rspec-support (3.8.0)
    uuidtools (2.1.5)

PLATFORMS
  ruby

DEPENDENCIES
  bmffglitch!
  bundler (~> 2.0)
  rake (>= 12.3.3)
  rspec (~> 3.0)

BUNDLED WITH
   2.0.1
